GEM
  remote: https://rubygems.org/
  specs:
    mime (0.4.3)
    rack (1.6.4)
    rack-protection (1.5.3)
      rack
    rugged (0.24.0)
    sinatra (1.4.7)
      rack (~> 1.5)
      rack-protection (~> 1.4)
      tilt (>= 1.3, < 3)
    tilt (2.0.2)

PLATFORMS
  ruby

DEPENDENCIES
  mime
  rugged
  sinatra

BUNDLED WITH
   1.11.2
